PATH
  remote: .
  specs:
    junoser (0.3.12)
      parslet
      sinatra

GEM
  remote: https://rubygems.org/
  specs:
    mini_portile2 (2.4.0)
    mustermann (1.1.1)
      ruby2_keywords (~> 0.0.1)
    nio4r (2.5.2)
    nokogiri (1.10.8)
      mini_portile2 (~> 2.4.0)
    parslet (2.0.0)
    power_assert (1.1.6)
    puma (4.3.3)
      nio4r (~> 2.0)
    rack (2.2.2)
    rack-protection (2.0.8.1)
      rack
    rake (13.0.1)
    ruby2_keywords (0.0.2)
    sinatra (2.0.8.1)
      mustermann (~> 1.0)
      rack (~> 2.0)
      rack-protection (= 2.0.8.1)
      tilt (~> 2.0)
    test-unit (3.3.5)
      power_assert
    tilt (2.0.10)

PLATFORMS
  ruby

DEPENDENCIES
  bundler (~> 2.0)
  junoser!
  nokogiri
  puma (~> 4.3)
  rake (~> 13.0)
  test-unit

BUNDLED WITH
   2.1.2
